GEM
  remote: https://rubygems.org/
  specs:
    addressable (2.7.0)
      public_suffix (>= 2.0.2, < 5.0)
    artii (2.1.2)
    colorize (0.8.1)
    launchy (2.4.3)
      addressable (~> 2.3)
    power_assert (1.1.5)
    public_suffix (4.0.1)
    random_data (1.6.0)
    ruby-poker (1.0.1)
    test-unit (3.3.3)
      power_assert
    tty-cursor (0.7.0)
    tty-spinner (0.9.1)
      tty-cursor (~> 0.7)

PLATFORMS
  ruby

DEPENDENCIES
  artii (~> 2.1)
  colorize (~> 0.8.1)
  launchy (~> 2.4)
  random_data (~> 1.6)
  ruby-poker (~> 1.0)
  test-unit (~> 3.3)
  tty-spinner (~> 0.9.1)

BUNDLED WITH
   2.0.2
